GEM
  remote: https://rubygems.org/
  specs:
    crass (1.0.6)
    nokogiri (1.15.4-x86_64-linux)
      racc (~> 1.4)
    racc (1.7.2)
    sanitize (6.1.0)
      crass (~> 1.0.2)
      nokogiri (>= 1.12.0)

PLATFORMS
  x86_64-linux

DEPENDENCIES
  nokogiri
  sanitize

BUNDLED WITH
   2.4.10
